GEM
  remote: https://rubygems.org/
  specs:
    asciidoctor (1.5.6.1)
    asciidoctor-diagram (1.5.7)
      asciidoctor (~> 1.5.0)
    asciidoctor-revealjs (1.1.3)
      asciidoctor (~> 1.5.6)
      thread_safe (~> 0.3.5)
    thread_safe (0.3.6)
    tilt (2.0.8)

PLATFORMS
  ruby

DEPENDENCIES
  asciidoctor
  asciidoctor-diagram
  asciidoctor-revealjs
  thread_safe
  tilt

BUNDLED WITH
   1.15.1
